GEM
  remote: https://rubygems.org/
  specs:
    ansi (1.5.0)
    builder (3.2.4)
    coderay (1.1.3)
    method_source (1.0.0)
    minitest (5.15.0)
    minitest-reporters (1.5.0)
      ansi
      builder
      minitest (>= 5.0)
      ruby-progressbar
    pry (0.14.1)
      coderay (~> 1.1)
      method_source (~> 1.0)
    rake (13.0.6)
    ruby-progressbar (1.11.0)
    stamp (0.6.0)

PLATFORMS
  x86_64-darwin-20

DEPENDENCIES
  minitest (~> 5.10)
  minitest-reporters (~> 1.1)
  pry
  rake
  stamp (~> 0.6.0)

RUBY VERSION
   ruby 2.5.0p0

BUNDLED WITH
   2.3.6
